PATH
  remote: .
  specs:
    swissmedic-diff (0.1.4)
      spreadsheet

GEM
  remote: https://rubygems.org/
  specs:
    ansi (1.4.3)
    builder (3.2.2)
    hashie (2.0.5)
    hoe (3.7.2)
      rake (>= 0.8, < 11.0)
    minitest (5.1.0)
    minitest-reporters (1.0.0)
      ansi
      builder
      minitest (>= 5.0)
      powerbar
    powerbar (1.0.11)
      ansi (~> 1.4.0)
      hashie (>= 1.1.0)
    rake (10.1.0)
    ruby-ole (1.2.11.7)
    spreadsheet (0.9.6)
      ruby-ole (>= 1.0)

PLATFORMS
  ruby

DEPENDENCIES
  hoe
  minitest
  minitest-reporters
  rake
  swissmedic-diff!
