PATH
  remote: .
  specs:
    swissmedic-diff (0.1.7)
      nokogiri
      rubyXL
      rubyzip (= 0.9.9)
      spreadsheet

GEM
  remote: https://rubygems.org/
  specs:
    ansi (1.4.3)
    builder (3.2.2)
    coderay (1.1.0)
    columnize (0.8.9)
    debugger (1.6.6)
      columnize (>= 0.3.1)
      debugger-linecache (~> 1.2.0)
      debugger-ruby_core_source (~> 1.3.2)
    debugger-linecache (1.2.0)
    debugger-ruby_core_source (1.3.2)
    hashie (2.1.1)
    hoe (3.11.0)
      rake (>= 0.8, < 11.0)
    method_source (0.8.2)
    mini_portile (0.5.3)
    minitest (5.3.3)
    minitest-reporters (1.0.2)
      ansi
      builder
      minitest (>= 5.0)
      powerbar
    nokogiri (1.6.1)
      mini_portile (~> 0.5.0)
    powerbar (1.0.11)
      ansi (~> 1.4.0)
      hashie (>= 1.1.0)
    pry (0.9.12.6)
      coderay (~> 1.0)
      method_source (~> 0.8)
      slop (~> 3.4)
    pry-debugger (0.2.2)
      debugger (~> 1.3)
      pry (~> 0.9.10)
    rake (10.3.1)
    ruby-ole (1.2.11.7)
    rubyXL (1.2.10)
    rubyzip (0.9.9)
    slop (3.5.0)
    spreadsheet (0.9.7)
      ruby-ole (>= 1.0)

PLATFORMS
  ruby

DEPENDENCIES
  hoe
  minitest
  minitest-reporters
  pry-debugger
  rake
  swissmedic-diff!
