PATH
  remote: .
  specs:
    swissmedic-diff (0.1.9)
      nokogiri
      rubyXL
      rubyzip
      spreadsheet

GEM
  remote: https://rubygems.org/
  specs:
    ansi (1.5.0)
    builder (3.2.2)
    coderay (1.1.0)
    columnize (0.9.0)
    debugger (1.6.8)
      columnize (>= 0.3.1)
      debugger-linecache (~> 1.2.0)
      debugger-ruby_core_source (~> 1.3.5)
    debugger-linecache (1.2.0)
    debugger-ruby_core_source (1.3.8)
    hoe (3.13.1)
      rake (>= 0.8, < 11.0)
    method_source (0.8.2)
    mini_portile (0.6.2)
    minitest (5.7.0)
    minitest-reporters (1.0.16)
      ansi
      builder
      minitest (>= 5.0)
      ruby-progressbar
    nokogiri (1.6.6.2)
      mini_portile (~> 0.6.0)
    pry (0.10.1)
      coderay (~> 1.1.0)
      method_source (~> 0.8.1)
      slop (~> 3.4)
    pry-debugger (0.2.3)
      debugger (~> 1.3)
      pry (>= 0.9.10, < 0.11.0)
    rake (10.4.2)
    ruby-ole (1.2.11.8)
    ruby-progressbar (1.7.5)
    rubyXL (3.3.8)
      nokogiri (>= 1.4.4)
      rubyzip (>= 1.1.6)
    rubyzip (1.1.7)
    slop (3.6.0)
    spreadsheet (1.0.3)
      ruby-ole (>= 1.0)

PLATFORMS
  ruby

DEPENDENCIES
  hoe
  minitest
  minitest-reporters
  pry-debugger
  rake
  swissmedic-diff!
