PATH
  remote: .
  specs:
    swissmedic-diff (0.2.0)
      nokogiri
      rubyXL (= 3.3.1)
      rubyzip
      spreadsheet

GEM
  remote: https://rubygems.org/
  specs:
    ansi (1.5.0)
    builder (3.2.2)
    byebug (4.0.5)
      columnize (= 0.9.0)
    coderay (1.1.0)
    columnize (0.9.0)
    hoe (3.13.1)
      rake (>= 0.8, < 11.0)
    method_source (0.8.2)
    mini_portile (0.6.2)
    minitest (5.7.0)
    minitest-reporters (1.0.17)
      ansi
      builder
      minitest (>= 5.0)
      ruby-progressbar
    nokogiri (1.6.6.2)
      mini_portile (~> 0.6.0)
    pry (0.10.1)
      coderay (~> 1.1.0)
      method_source (~> 0.8.1)
      slop (~> 3.4)
    pry-byebug (3.1.0)
      byebug (~> 4.0)
      pry (~> 0.10)
    pry-doc (0.8.0)
      pry (~> 0.9)
      yard (~> 0.8)
    rake (10.4.2)
    ruby-ole (1.2.11.8)
    ruby-progressbar (1.7.5)
    rubyXL (3.3.1)
      nokogiri (>= 1.4.4)
      rubyzip (>= 1.1.6)
    rubyzip (1.1.7)
    slop (3.6.0)
    spreadsheet (1.0.3)
      ruby-ole (>= 1.0)
    yard (0.8.7.6)

PLATFORMS
  ruby

DEPENDENCIES
  hoe
  minitest
  minitest-reporters
  pry-byebug
  pry-doc
  rake
  swissmedic-diff!

BUNDLED WITH
   1.10.5
